GEM
  remote: http://rubygems.org/
  specs:
    activemodel (3.0.12)
      activesupport (= 3.0.12)
      builder (~> 2.1.2)
      i18n (~> 0.5.0)
    activeresource (3.0.12)
      activemodel (= 3.0.12)
      activesupport (= 3.0.12)
    activesupport (3.0.12)
    archive-tar-minitar (0.5.2)
    blather (0.7.1)
      activesupport (>= 3.0.7)
      eventmachine (>= 0.12.6)
      girl_friday
      niceogiri (~> 1.0)
      nokogiri (~> 1.4)
    bson (1.6.2)
    bson_ext (1.6.2)
      bson (~> 1.6.2)
    builder (2.1.2)
    columnize (0.3.6)
    connection_pool (0.1.0)
    diff-lcs (1.1.3)
    eventmachine (0.12.10)
    girl_friday (0.9.7)
      connection_pool (~> 0.1.0)
    i18n (0.5.0)
    json (1.7.3)
    linecache19 (0.5.12)
      ruby_core_source (>= 0.1.4)
    mime-types (1.18)
    mongo (1.6.2)
      bson (~> 1.6.2)
    niceogiri (1.0.1)
      nokogiri (~> 1.4)
    nokogiri (1.5.2)
    pidly (0.1.3)
    rest-client (1.6.7)
      mime-types (>= 1.16)
    rspec (2.10.0)
      rspec-core (~> 2.10.0)
      rspec-expectations (~> 2.10.0)
      rspec-mocks (~> 2.10.0)
    rspec-core (2.10.0)
    rspec-expectations (2.10.0)
      diff-lcs (~> 1.1.3)
    rspec-mocks (2.10.1)
    ruby-debug-base19 (0.11.25)
      columnize (>= 0.3.1)
      linecache19 (>= 0.5.11)
      ruby_core_source (>= 0.1.4)
    ruby-debug19 (0.11.6)
      columnize (>= 0.3.1)
      linecache19 (>= 0.5.11)
      ruby-debug-base19 (>= 0.11.19)
    ruby_core_source (0.1.5)
      archive-tar-minitar (>= 0.5.2)

PLATFORMS
  ruby

DEPENDENCIES
  activeresource (>= 3.0, < 3.1)
  activesupport (>= 3.0, < 3.1)
  blather
  bson_ext
  json
  mongo
  pidly
  rest-client
  rspec
  ruby-debug19
